GEM
  remote: http://rubygems.org/
  specs:
    builder (3.0.0)
    mime-types (1.16)
    nanoc3 (3.0.9)
    rack (1.3.0)
    rake (0.9.2)

PLATFORMS
  ruby

DEPENDENCIES
  builder
  mime-types
  nanoc3 (= 3.0.9)
  rack
  rake
