GEM
  remote: http://rubygems.org/
  specs:
    adsf (1.1.1)
      rack (>= 1.0.0)
    builder (3.0.0)
    colored (1.2)
    cri (2.3.0)
      colored (>= 1.2)
    daemons (1.1.8)
    eventmachine (0.12.10)
    mime-types (1.19)
    nanoc3 (3.2.4)
      cri (~> 2.0)
    rack (1.4.1)
    rack-contrib (1.1.0)
      rack (>= 0.9.1)
    rack-rewrite (1.2.1)
    rake (0.9.2.2)
    thin (1.4.1)
      daemons (>= 1.0.9)
      eventmachine (>= 0.12.6)
      rack (>= 1.0.0)

PLATFORMS
  ruby

DEPENDENCIES
  adsf
  builder
  mime-types
  nanoc3 (= 3.2.4)
  rack
  rack-contrib
  rack-rewrite
  rake
  thin
